PATH
  remote: .
  specs:
    rods (0.9.1)
      rubysl-rexml
      zip

GEM
  remote: https://rubygems.org/
  specs:
    ZenTest (4.11.0)
    allison (2.0.3)
    echoe (4.6.6)
      allison (>= 2.0.3)
      rake (>= 0.9.2)
      rdoc (>= 2.5.11)
      rubyforge (>= 2.0.4)
    json (1.8.2)
    json_pure (1.8.2)
    minitest (5.5.1)
    rake (10.4.2)
    rdoc (4.2.0)
      json (~> 1.4)
    rubyforge (2.0.4)
      json_pure (>= 1.1.7)
    rubysl-rexml (2.0.4)
    zip (2.0.2)

PLATFORMS
  ruby

DEPENDENCIES
  ZenTest
  echoe
  minitest
  rods!
